GEM
  remote: http://rubygems.org/
  specs:
    bcrypt-ruby (3.0.1)
    bson (1.6.2)
    bson_ext (1.4.0)
    daemons (1.1.8)
    eventmachine (0.12.10)
    haml (3.1.4)
    mongo (1.6.2)
      bson (~> 1.6.2)
    rack (1.4.1)
    rack-protection (1.2.0)
      rack
    sinatra (1.3.2)
      rack (~> 1.3, >= 1.3.6)
      rack-protection (~> 1.2)
      tilt (~> 1.3, >= 1.3.3)
    thin (1.3.1)
      daemons (>= 1.0.9)
      eventmachine (>= 0.12.6)
      rack (>= 1.0.0)
    tilt (1.3.3)

PLATFORMS
  ruby

DEPENDENCIES
  bcrypt-ruby
  bson_ext
  haml
  mongo
  sinatra
  thin
